RESTRICTION: >= net461
NUGET
  remote: https://www.nuget.org/api/v2
    Newtonsoft.Json (11.0.2)
    NUnit (3.10.1)

GROUP Build
NUGET
  remote: https://www.nuget.org/api/v2
    FAKE (4.64.11)
